GIT
  remote: https://github.com/francois2metz/gollum-site.git
  revision: 5eb54862a93ca56bd77de5c645be72e65ed01757
  branch: custom_sanitization
  specs:
    gollum-site (0.1.9)
      directory_watcher
      gollum (>= 1.2.0)
      liquid (>= 2.2.2)
      mixlib-log (>= 1.1.0)

GEM
  remote: http://rubygems.org/
  specs:
    albino (1.3.3)
      posix-spawn (>= 0.3.6)
    diff-lcs (1.1.2)
    directory_watcher (1.4.0)
    engineyard (1.3.20)
      engineyard-serverside-adapter (= 1.4.1)
      escape (~> 0.0.4)
      highline (~> 1.6.1)
      json_pure
      net-ssh (~> 2.1.0)
      rest-client (~> 1.6.0)
      thor (~> 0.14.6)
    engineyard-serverside-adapter (1.4.1)
      escape (~> 0.0.4)
      json_pure
    escape (0.0.4)
    github-markup (0.5.3)
    gollum (1.3.0)
      albino (~> 1.3.2)
      github-markup (>= 0.4.0, < 1.0.0)
      grit (~> 2.4.1)
      mustache (>= 0.11.2, < 1.0.0)
      nokogiri (~> 1.4)
      sanitize (~> 2.0.0)
      sinatra (~> 1.0)
    grit (2.4.1)
      diff-lcs (~> 1.1)
      mime-types (~> 1.15)
    highline (1.6.2)
    json_pure (1.5.1)
    liquid (2.2.2)
    mime-types (1.16)
    mixlib-log (1.3.0)
    mustache (0.99.3)
    net-ssh (2.1.4)
    nokogiri (1.4.4)
    posix-spawn (0.3.6)
    pygmentize (0.0.3)
    rack (1.2.2)
    rake (0.9.0)
    rdiscount (1.6.8)
    rest-client (1.6.3)
      mime-types (>= 1.16)
    sanitize (2.0.1)
      nokogiri (~> 1.4.4)
    sinatra (1.2.6)
      rack (~> 1.1)
      tilt (>= 1.2.2, < 2.0)
    thor (0.14.6)
    tilt (1.3)

PLATFORMS
  ruby

DEPENDENCIES
  bundler (~> 1.0.12)
  engineyard
  gollum-site!
  pygmentize
  rake
  rdiscount
